PATH
  remote: .
  specs:
    dropzone_ruby (0.1.2)
      commander (~> 4.3)
      counterparty_ruby (~> 1.2)
      sequel (~> 4.21)
      socksify (~> 1.7)
      sqlite3 (~> 1.3)
      veto (~> 1.0)

GEM
  remote: https://rubygems.org/
  specs:
    bitcoin-ruby (0.0.7)
    commander (4.3.5)
      highline (~> 1.7.2)
    counterparty_ruby (1.2.0)
      bitcoin-ruby
      ffi
      rest-client
      ruby-rc4
    diff-lcs (1.2.5)
    domain_name (0.5.25)
      unf (>= 0.0.5, < 1.0.0)
    ffi (1.9.10)
    highline (1.7.8)
    http-cookie (1.0.2)
      domain_name (~> 0.5)
    mime-types (2.99)
    netrc (0.11.0)
    rake (10.4.2)
    rdoc (4.2.0)
    rest-client (1.8.0)
      http-cookie (>= 1.0.2, < 2.0)
      mime-types (>= 1.16, < 3.0)
      netrc (~> 0.7)
    rspec (3.2.0)
      rspec-core (~> 3.2.0)
      rspec-expectations (~> 3.2.0)
      rspec-mocks (~> 3.2.0)
    rspec-core (3.2.3)
      rspec-support (~> 3.2.0)
    rspec-expectations (3.2.1)
      diff-lcs (>= 1.2.0, < 2.0)
      rspec-support (~> 3.2.0)
    rspec-mocks (3.2.1)
      diff-lcs (>= 1.2.0, < 2.0)
      rspec-support (~> 3.2.0)
    rspec-support (3.2.2)
    ruby-rc4 (0.1.5)
    sequel (4.29.0)
    sham (1.1.0)
    socksify (1.7.0)
    sqlite3 (1.3.11)
    unf (0.1.4)
      unf_ext
    unf_ext (0.0.7.1)
    veto (1.0.1)

PLATFORMS
  ruby

DEPENDENCIES
  dropzone_ruby!
  rake (~> 10.4)
  rdoc (~> 4.2)
  rspec (~> 3.2)
  sham (~> 1.1)
